PATH
  remote: .
  specs:
    welements (0.1.3)
      geokit (>= 1.6.5)
      libxml-ruby (>= 2.2.2)
      nokogiri (>= 1.5.0)

GEM
  remote: https://rubygems.org/
  specs:
    geokit (1.6.5)
      multi_json
    libxml-ruby (2.7.0)
    mini_portile (0.5.1)
    multi_json (1.7.9)
    nokogiri (1.6.0)
      mini_portile (~> 0.5.0)
    rake (10.0.4)

PLATFORMS
  ruby

DEPENDENCIES
  bundler (~> 1.3)
  rake
  welements!
